GEM
  remote: https://rubygems.org/
  specs:
    activemodel (5.1.3)
      activesupport (= 5.1.3)
    activesupport (5.1.3)
      concurrent-ruby (~> 1.0, >= 1.0.2)
      i18n (~> 0.7)
      minitest (~> 5.1)
      tzinfo (~> 1.1)
    backports (3.8.0)
    byebug (9.0.6)
    coderay (1.1.1)
    concurrent-ruby (1.0.5)
    dotenv (2.2.1)
    i18n (0.8.6)
    method_source (0.8.2)
    minitest (5.10.3)
    multi_json (1.12.1)
    mustermann (1.0.0)
    pry (0.10.4)
      coderay (~> 1.1.0)
      method_source (~> 0.8.1)
      slop (~> 3.4)
    puma (3.9.1)
    rack (2.0.3)
    rack-protection (2.0.0)
      rack
    rack-timeout (0.4.2)
    rake (12.0.0)
    require_all (1.4.0)
    sinatra (2.0.0)
      mustermann (~> 1.0)
      rack (~> 2.0)
      rack-protection (= 2.0.0)
      tilt (~> 2.0)
    sinatra-contrib (2.0.0)
      backports (>= 2.0)
      multi_json
      mustermann (~> 1.0)
      rack-protection (= 2.0.0)
      sinatra (= 2.0.0)
      tilt (>= 1.3, < 3)
    sinatra-reloader (1.0)
      sinatra-contrib
    slop (3.6.0)
    thread_safe (0.3.6)
    tilt (2.0.8)
    tzinfo (1.2.3)
      thread_safe (~> 0.1)

PLATFORMS
  ruby

DEPENDENCIES
  activemodel
  byebug
  dotenv
  pry
  puma
  rack-timeout
  rake
  require_all
  sinatra
  sinatra-contrib
  sinatra-reloader

RUBY VERSION
   ruby 2.4.0p0

BUNDLED WITH
   1.15.3
